GEM
  remote: https://rubygems.org/
  specs:
    ruby2d (0.9.5)

PLATFORMS
  x64-mingw-ucrt

DEPENDENCIES
  ruby2d (~> 0.9.2)

BUNDLED WITH
   2.4.6
